GEM
  remote: https://rubygems.org/
  specs:
    addressable (2.3.4)
    backports (3.3.0)
    capistrano (2.15.4)
      highline
      net-scp (>= 1.0.0)
      net-sftp (>= 2.0.0)
      net-ssh (>= 2.0.14)
      net-ssh-gateway (>= 1.1.0)
    capistrano_colors (0.5.5)
    coffee-script (2.2.0)
      coffee-script-source
      execjs
    coffee-script-source (1.6.2)
    daemons (1.1.9)
    em-websocket (0.3.8)
      addressable (>= 2.1.1)
      eventmachine (>= 0.12.9)
    eventmachine (1.0.3)
    execjs (1.4.0)
      multi_json (~> 1.0)
    faraday (0.8.7)
      multipart-post (~> 1.1)
    haml (4.0.2)
      tilt
    highline (1.6.18)
    hike (1.2.2)
    multi_json (1.7.2)
    multipart-post (1.2.0)
    net-scp (1.1.0)
      net-ssh (>= 2.6.5)
    net-sftp (2.1.1)
      net-ssh (>= 2.6.5)
    net-ssh (2.6.7)
    net-ssh-gateway (1.2.0)
      net-ssh (>= 2.6.5)
    rack (1.5.2)
    rack-canonical-host (0.0.8)
      addressable
      rack (~> 1.0)
    rack-protection (1.5.0)
      rack
    rack-test (0.6.2)
      rack (>= 1.0)
    sass (3.2.8)
    shotgun (0.9)
      rack (>= 1.0)
    sinatra (1.4.2)
      rack (~> 1.5, >= 1.5.2)
      rack-protection (~> 1.4)
      tilt (~> 1.3, >= 1.3.4)
    sinatra-contrib (1.4.0)
      backports (>= 2.0)
      eventmachine
      rack-protection
      rack-test
      sinatra (~> 1.4.2)
      tilt (~> 1.3)
    sinatra-partial (0.4.0)
      sinatra
    sinatra-websocket (0.3.0)
      em-websocket (~> 0.3.6)
      eventmachine
      thin (>= 1.3.1)
    sprockets (2.9.3)
      hike (~> 1.2)
      multi_json (~> 1.0)
      rack (~> 1.0)
      tilt (~> 1.1, != 1.3.0)
    sprockets-helpers (1.0.1)
      sprockets (~> 2.0)
    sprockets-sass (1.0.0)
      sprockets (~> 2.0)
      tilt (~> 1.1)
    thin (1.5.1)
      daemons (>= 1.0.9)
      eventmachine (>= 0.12.6)
      rack (>= 1.0.0)
    tilt (1.3.7)
    yajl-ruby (1.1.0)

PLATFORMS
  ruby

DEPENDENCIES
  capistrano
  capistrano_colors
  coffee-script
  faraday
  haml
  multi_json
  rack-canonical-host
  sass
  shotgun
  sinatra
  sinatra-contrib
  sinatra-partial
  sinatra-websocket
  sprockets-helpers
  sprockets-sass
  thin
  yajl-ruby
